GEM
  remote: https://rubygems.org/
  specs:
    dogstatsd-ruby (3.0.0)
    httparty (0.15.5)
      multi_xml (>= 0.5.2)
    multi_xml (0.6.0)

PLATFORMS
  ruby

DEPENDENCIES
  dogstatsd-ruby
  httparty

BUNDLED WITH
   1.14.6
